GEM
  specs:
    rexical (1.0.5)

PLATFORMS
  ruby

DEPENDENCIES
  rexical
